GEM
  remote: http://rubygems.org/
  specs:
    activemodel (3.2.8)
      activesupport (= 3.2.8)
      builder (~> 3.0.0)
    activesupport (3.2.8)
      i18n (~> 0.6)
      multi_json (~> 1.0)
    addressable (2.3.2)
    ansi (1.4.3)
    braintree (2.16.0)
      builder (>= 2.0.0)
    builder (3.0.3)
    crack (0.3.1)
    i18n (0.6.1)
    minitest (3.4.0)
    multi_json (1.3.6)
    simplecov (0.6.4)
      multi_json (~> 1.0)
      simplecov-html (~> 0.5.3)
    simplecov-html (0.5.3)
    turn (0.9.6)
      ansi
    webmock (1.8.10)
      addressable (>= 2.2.7)
      crack (>= 0.1.7)

PLATFORMS
  ruby

DEPENDENCIES
  activemodel (>= 3.0)
  activesupport (>= 3.0)
  braintree (>= 2.16.0)
  minitest
  simplecov
  turn
  webmock
